GEM
  remote: https://rubygems.org/
  specs:
    ocra (1.3.10)
    rake (12.3.1)
    rubyzip (1.2.1)

PLATFORMS
  x86-mingw32

DEPENDENCIES
  ocra (~> 1.3)
  rake (~> 12.3)
  rubyzip (~> 1.2)

BUNDLED WITH
   1.16.1
